GIT
  remote: git://github.com/adamhunter/shoulda.git
  revision: 9739f9ccabfa9480e8321873444bb534aa30e1a6
  ref: rails3
  specs:
    shoulda (3.0.pre)

GIT
  remote: git://github.com/mislav/will_paginate.git
  revision: b1a5beeec9f56ecbe3594fcdca76d92b6767ce50
  ref: rails3
  specs:
    will_paginate (3.0.pre3)

GIT
  remote: git://github.com/pluginaweek/state_machine.git
  revision: e625d2645a71fb5bc50ca61553b59b4890444508
  specs:
    state_machine (0.9.4)

GEM
  remote: http://rubygems.org/
  specs:
    RedCloth (4.2.3)
    abstract (1.0.0)
    actionmailer (3.0.3)
      actionpack (= 3.0.3)
      mail (~> 2.2.9)
    actionpack (3.0.3)
      activemodel (= 3.0.3)
      activesupport (= 3.0.3)
      builder (~> 2.1.2)
      erubis (~> 2.6.6)
      i18n (~> 0.4)
      rack (~> 1.2.1)
      rack-mount (~> 0.6.13)
      rack-test (~> 0.5.6)
      tzinfo (~> 0.3.23)
    activemodel (3.0.3)
      activesupport (= 3.0.3)
      builder (~> 2.1.2)
      i18n (~> 0.4)
    activerecord (3.0.3)
      activemodel (= 3.0.3)
      activesupport (= 3.0.3)
      arel (~> 2.0.2)
      tzinfo (~> 0.3.23)
    activeresource (3.0.3)
      activemodel (= 3.0.3)
      activesupport (= 3.0.3)
    activesupport (3.0.3)
    almost-happy (0.4.0)
      RedCloth
      activerecord (>= 3.0.0.beta3)
      nokogiri
      open4
      rdiscount
    annotate (2.4.0)
    arel (2.0.6)
    barista (0.7.0.pre3)
      coffee-script (~> 2.1.1)
    bcrypt-ruby (2.1.2)
    bhm-admin (0.2.2)
      compass (>= 0.10.0.rc4)
      compass-960-plugin
      compass-colors
      fancy-buttons
      inherited_resources
      jammit
      show_for
      will_paginate
      will_paginate
    builder (2.1.2)
    closure-compiler (0.3.3)
    coffee-script (2.1.1)
      coffee-script-source
    coffee-script-source (0.9.5)
    compass (0.10.6)
      haml (>= 3.0.4)
    compass-960-plugin (0.10.0)
      compass (>= 0.10.0)
    compass-colors (0.3.1)
      compass (>= 0.8.7)
    devise (1.1.5)
      bcrypt-ruby (~> 2.1.2)
      warden (~> 1.0.2)
    erubis (2.6.6)
      abstract (>= 1.0.0)
    fancy-buttons (1.0.4)
      compass (>= 0.10.6)
    forgery (0.3.6)
    formtastic (1.2.2)
      actionpack (>= 2.3.7)
      activesupport (>= 2.3.7)
      i18n (>= 0.4.0)
    haml (3.0.24)
    haml-rails (0.3.4)
      actionpack (~> 3.0)
      activesupport (~> 3.0)
      haml (~> 3.0)
      railties (~> 3.0)
    has_scope (0.5.0)
    hpricot (0.8.3)
    i18n (0.5.0)
    inherited_resources (1.1.2)
      has_scope (~> 0.5.0)
      responders (~> 0.6.0)
    jammit (0.5.4)
      closure-compiler (>= 0.1.0)
      yui-compressor (>= 0.9.1)
    json (1.4.6)
    kgio (2.0.0)
    macaddr (1.0.0)
    machinist (1.0.6)
    mail (2.2.12)
      activesupport (>= 2.3.6)
      i18n (>= 0.4.0)
      mime-types (~> 1.16)
      treetop (~> 1.4.8)
    mail_form (1.3.0)
    mime-types (1.16)
    nokogiri (1.4.4)
    open4 (1.0.1)
    pg (0.10.0)
    polyglot (0.3.1)
    rack (1.2.1)
    rack-mount (0.6.13)
      rack (>= 1.0.0)
    rack-test (0.5.6)
      rack (>= 1.0)
    rails (3.0.3)
      actionmailer (= 3.0.3)
      actionpack (= 3.0.3)
      activerecord (= 3.0.3)
      activeresource (= 3.0.3)
      activesupport (= 3.0.3)
      bundler (~> 1.0)
      railties (= 3.0.3)
    rails3-generators (0.14.0)
    railties (3.0.3)
      actionpack (= 3.0.3)
      activesupport (= 3.0.3)
      rake (>= 0.8.7)
      thor (~> 0.14.4)
    rake (0.8.7)
    rdiscount (1.6.5)
    redgreen (1.2.2)
    responders (0.6.2)
    ruby_parser (2.0.5)
      sexp_processor (~> 3.0)
    sexp_processor (3.0.5)
    show_for (0.2.3)
    shuriken (0.2.1)
    sitemap_generator (1.3.5)
    slugged (0.3.2)
      activerecord (~> 3.0.0)
      activesupport (~> 3.0.0)
      uuid
    stringex (1.2.0)
    thor (0.14.6)
    title_estuary (1.2.0)
    treetop (1.4.9)
      polyglot (>= 0.3.1)
    tzinfo (0.3.23)
    unicorn (3.1.0)
      kgio (~> 2.0.0)
      rack
    uuid (2.3.1)
      macaddr (~> 1.0)
    validation_reflection (1.0.0)
    warden (1.0.3)
      rack (>= 1.0.0)
    youthtree-settings (0.2.0)
      activesupport (>= 3.0.0.beta4)
    yui-compressor (0.9.1)

PLATFORMS
  ruby

DEPENDENCIES
  almost-happy (~> 0.4)
  annotate
  barista (>= 0.7.0.pre2)
  bhm-admin
  bundler
  compass (= 0.10.6)
  compass-960-plugin
  compass-colors
  devise
  fancy-buttons
  forgery (>= 0.3.4)
  formtastic (~> 1.2)
  haml (~> 3.0.0)
  haml-rails
  hpricot
  inherited_resources (>= 1.1.2)
  jammit
  json
  machinist
  mail_form
  nokogiri
  pg
  rails (= 3.0.3)
  rails3-generators
  redgreen
  responders (>= 0.6.0)
  ruby_parser
  shoulda (>= 3.0.pre)!
  show_for (>= 0.2.1)
  shuriken
  sitemap_generator
  slugged
  state_machine!
  stringex
  title_estuary
  unicorn
  validation_reflection
  will_paginate (>= 3.0.pre)!
  youthtree-settings (~> 0.2)
